GEM
  remote: https://rubygems.org/
  specs:
    addressable (2.3.8)
    ast (2.1.0)
    astrolabe (1.3.1)
      parser (~> 2.2)
    aws-sdk (2.1.33)
      aws-sdk-resources (= 2.1.33)
    aws-sdk-core (2.1.33)
      jmespath (~> 1.0)
    aws-sdk-resources (2.1.33)
      aws-sdk-core (= 2.1.33)
    builder (3.2.2)
    celluloid (0.17.3)
      celluloid-essentials
      celluloid-extras
      celluloid-fsm
      celluloid-pool
      celluloid-supervision
      timers (>= 4.1.1)
    celluloid-essentials (0.20.5)
      timers (>= 4.1.1)
    celluloid-extras (0.20.5)
      timers (>= 4.1.1)
    celluloid-fsm (0.20.5)
      timers (>= 4.1.1)
    celluloid-pool (0.20.5)
      timers (>= 4.1.1)
    celluloid-supervision (0.20.5)
      timers (>= 4.1.1)
    crack (0.4.2)
      safe_yaml (~> 1.0.0)
    diff-lcs (1.2.5)
    dotenv (2.0.2)
    fake_sqs (0.3.0)
      builder
      sinatra
    faraday (0.9.1)
      multipart-post (>= 1.2, < 3)
    foreman (0.78.0)
      thor (~> 0.19.1)
    gemnasium-parser (0.1.9)
    gems (0.8.3)
    hashdiff (0.2.2)
    highline (1.7.8)
    hitimes (1.2.3)
    jmespath (1.1.3)
    multipart-post (2.0.0)
    octokit (4.1.1)
      sawyer (~> 0.6.0, >= 0.5.3)
    parser (2.2.2.6)
      ast (>= 1.1, < 3.0)
    powerpack (0.1.1)
    prius (1.0.0)
    rack (1.6.4)
    rack-protection (1.5.3)
      rack
    rainbow (2.0.0)
    rspec (3.3.0)
      rspec-core (~> 3.3.0)
      rspec-expectations (~> 3.3.0)
      rspec-mocks (~> 3.3.0)
    rspec-core (3.3.2)
      rspec-support (~> 3.3.0)
    rspec-expectations (3.3.1)
      diff-lcs (>= 1.2.0, < 2.0)
      rspec-support (~> 3.3.0)
    rspec-its (1.2.0)
      rspec-core (>= 3.0.0)
      rspec-expectations (>= 3.0.0)
    rspec-mocks (3.3.2)
      diff-lcs (>= 1.2.0, < 2.0)
      rspec-support (~> 3.3.0)
    rspec-support (3.3.0)
    rubocop (0.34.2)
      astrolabe (~> 1.3)
      parser (>= 2.2.2.5, < 3.0)
      powerpack (~> 0.1)
      rainbow (>= 1.99.1, < 3.0)
      ruby-progressbar (~> 1.4)
    ruby-progressbar (1.7.5)
    safe_yaml (1.0.4)
    sawyer (0.6.0)
      addressable (~> 2.3.5)
      faraday (~> 0.8, < 0.10)
    sentry-raven (0.15.2)
      faraday (>= 0.7.6)
    shoryuken (2.0.3)
      aws-sdk-core (~> 2)
      celluloid (~> 0.16)
    sinatra (1.4.6)
      rack (~> 1.4)
      rack-protection (~> 1.4)
      tilt (>= 1.3, < 3)
    thor (0.19.1)
    tilt (2.0.1)
    timers (4.1.1)
      hitimes
    webmock (1.22.2)
      addressable (>= 2.3.6)
      crack (>= 0.3.2)
      hashdiff

PLATFORMS
  ruby

DEPENDENCIES
  aws-sdk
  bundler (~> 1.10.6)
  dotenv
  fake_sqs
  foreman (~> 0.78.0)
  gemnasium-parser (~> 0.1.9)
  gems (~> 0.8.3)
  highline (~> 1.7.8)
  octokit (~> 4.1.1)
  prius (~> 1.0.0)
  rspec (~> 3.3.0)
  rspec-its (~> 1.2.0)
  rubocop (~> 0.34.2)
  sentry-raven (~> 0.15.2)
  shoryuken (~> 2.0.3)
  webmock (~> 1.22.1)

BUNDLED WITH
   1.10.6
