GIT
  remote: https://github.com/gocardless/bump-core
  revision: 52a8c092183139b10ed16d86f66e716259ec4ce1
  tag: v0.1.0
  specs:
    bump-core (0.1.0)
      bundler (>= 1.12.0)
      excon (~> 0.55)
      gemnasium-parser (~> 0.1)
      gems (~> 1.0)
      octokit (~> 4.6)

GEM
  remote: https://rubygems.org/
  specs:
    addressable (2.5.1)
      public_suffix (~> 2.0, >= 2.0.2)
    ast (2.3.0)
    concurrent-ruby (1.0.5)
    connection_pool (2.2.1)
    crack (0.4.3)
      safe_yaml (~> 1.0.0)
    diff-lcs (1.2.5)
    dotenv (2.2.0)
    excon (0.55.0)
    faraday (0.9.2)
      multipart-post (>= 1.2, < 3)
    foreman (0.82.0)
      thor (~> 0.19.1)
    gemnasium-parser (0.1.9)
    gems (1.0.0)
      json
    hashdiff (0.3.1)
    highline (1.7.8)
    json (2.1.0)
    multipart-post (2.0.0)
    octokit (4.7.0)
      sawyer (~> 0.8.0, >= 0.5.3)
    parser (2.3.3.0)
      ast (~> 2.2)
    powerpack (0.1.1)
    prius (1.0.0)
    public_suffix (2.0.5)
    rack (1.6.5)
    rack-protection (1.5.3)
      rack
    rainbow (2.1.0)
    rake (11.3.0)
    redis (3.3.3)
    rspec (3.5.0)
      rspec-core (~> 3.5.0)
      rspec-expectations (~> 3.5.0)
      rspec-mocks (~> 3.5.0)
    rspec-core (3.5.2)
      rspec-support (~> 3.5.0)
    rspec-expectations (3.5.0)
      diff-lcs (>= 1.2.0, < 2.0)
      rspec-support (~> 3.5.0)
    rspec-its (1.2.0)
      rspec-core (>= 3.0.0)
      rspec-expectations (>= 3.0.0)
    rspec-mocks (3.5.0)
      diff-lcs (>= 1.2.0, < 2.0)
      rspec-support (~> 3.5.0)
    rspec-support (3.5.0)
    rubocop (0.46.0)
      parser (>= 2.3.1.1, < 3.0)
      powerpack (~> 0.1)
      rainbow (>= 1.99.1, < 3.0)
      ruby-progressbar (~> 1.7)
      unicode-display_width (~> 1.0, >= 1.0.1)
    ruby-progressbar (1.8.1)
    safe_yaml (1.0.4)
    sawyer (0.8.1)
      addressable (>= 2.3.5, < 2.6)
      faraday (~> 0.8, < 1.0)
    sentry-raven (2.1.4)
      faraday (>= 0.7.6, < 0.10.x)
    sidekiq (4.2.10)
      concurrent-ruby (~> 1.0)
      connection_pool (~> 2.2, >= 2.2.0)
      rack-protection (>= 1.5.0)
      redis (~> 3.2, >= 3.2.1)
    sinatra (1.4.7)
      rack (~> 1.5)
      rack-protection (~> 1.4)
      tilt (>= 1.3, < 3)
    thor (0.19.1)
    tilt (2.0.5)
    unicode-display_width (1.1.1)
    webmock (2.3.1)
      addressable (>= 2.3.6)
      crack (>= 0.3.2)
      hashdiff

PLATFORMS
  ruby

DEPENDENCIES
  bump-core (~> 0.1.0)!
  dotenv
  foreman (~> 0.82.0)
  highline (~> 1.7.8)
  prius (~> 1.0.0)
  rake
  rspec (~> 3.5.0)
  rspec-its (~> 1.2.0)
  rubocop (~> 0.46.0)
  sentry-raven (~> 2.1.4)
  sidekiq (~> 4.2.10)
  sinatra
  webmock (~> 2.3.1)

RUBY VERSION
   ruby 2.3.3p222

BUNDLED WITH
   1.14.6
